FRAMEWORK: >= NET45
NUGET
  remote: https://api.nuget.org/v3/index.json
    FAKE (4.61.2)
    FSharp.Core (4.1.17)
      System.ValueTuple (>= 4.3)
    Newtonsoft.Json (10.0.2)
    Suave (1.0)
      FSharp.Core (>= 3.1.2.5)
    System.ValueTuple (4.3.1)
